PATH
  remote: .
  specs:
    coruscate (0.1.0)
      rb_sys (>= 0.9.86)

GEM
  remote: https://rubygems.org/
  specs:
    diff-lcs (1.5.1)
    rake (10.5.0)
    rake-compiler (1.2.7)
      rake
    rb_sys (0.9.97)
    rspec (3.13.0)
      rspec-core (~> 3.13.0)
      rspec-expectations (~> 3.13.0)
      rspec-mocks (~> 3.13.0)
    rspec-core (3.13.0)
      rspec-support (~> 3.13.0)
    rspec-expectations (3.13.0)
      diff-lcs (>= 1.2.0, < 2.0)
      rspec-support (~> 3.13.0)
    rspec-mocks (3.13.1)
      diff-lcs (>= 1.2.0, < 2.0)
      rspec-support (~> 3.13.0)
    rspec-support (3.13.1)

PLATFORMS
  ruby
  x86_64-darwin-23

DEPENDENCIES
  bundler (~> 2.5.9)
  coruscate!
  rake (~> 10.0)
  rake-compiler (~> 1.2.0)
  rspec (~> 3.0)

BUNDLED WITH
   2.5.9
