PATH
  remote: .
  specs:
    coruscate (0.1.0)
      activesupport (~> 7.0.8)
      rb_sys (>= 0.9.86)

GEM
  remote: https://rubygems.org/
  specs:
    activesupport (7.0.8)
      concurrent-ruby (~> 1.0, >= 1.0.2)
      i18n (>= 1.6, < 2)
      minitest (>= 5.1)
      tzinfo (~> 2.0)
    benchmark-ips (2.13.0)
    benchmark-memory (0.2.0)
      memory_profiler (~> 1)
    concurrent-ruby (1.3.1)
    diff-lcs (1.5.1)
    i18n (1.14.5)
      concurrent-ruby (~> 1.0)
    ice_cube (0.16.4)
    memory_profiler (1.0.2)
    minitest (5.23.1)
    rake (13.2.1)
    rake-compiler (1.2.7)
      rake
    rb_sys (0.9.97)
    rspec (3.13.0)
      rspec-core (~> 3.13.0)
      rspec-expectations (~> 3.13.0)
      rspec-mocks (~> 3.13.0)
    rspec-core (3.13.0)
      rspec-support (~> 3.13.0)
    rspec-expectations (3.13.0)
      diff-lcs (>= 1.2.0, < 2.0)
      rspec-support (~> 3.13.0)
    rspec-mocks (3.13.1)
      diff-lcs (>= 1.2.0, < 2.0)
      rspec-support (~> 3.13.0)
    rspec-support (3.13.1)
    tzinfo (2.0.6)
      concurrent-ruby (~> 1.0)
    yard (0.9.36)

PLATFORMS
  ruby
  x86_64-darwin-23

DEPENDENCIES
  benchmark-ips
  benchmark-memory
  bundler (~> 2.5.9)
  coruscate!
  ice_cube
  rake (~> 13.2)
  rake-compiler (~> 1.2.0)
  rspec (~> 3.0)
  yard

BUNDLED WITH
   2.5.9
